GEM
  remote: https://rubygems.org/
  specs:
    activemodel (3.2.8)
      activesupport (= 3.2.8)
      builder (~> 3.0.0)
    activesupport (3.2.8)
      i18n (~> 0.6)
      multi_json (~> 1.0)
    addressable (2.2.8)
    builder (3.0.0)
    diff-lcs (1.1.3)
    excon (0.14.2)
    faraday (0.8.1)
      multipart-post (~> 1.1)
    haml (3.1.6)
    heroku (2.28.7)
      heroku-api (~> 0.2.6)
      launchy (>= 0.3.2)
      netrc (~> 0.7.5)
      rest-client (~> 1.6.1)
      rubyzip
    heroku-api (0.2.6)
      excon (~> 0.14.0)
    heroku_san (3.0.2)
      activesupport
      heroku (>= 2)
      heroku-api (>= 0.1.2)
      rake
    i18n (0.6.0)
    launchy (2.1.0)
      addressable (~> 2.2.6)
    mime-types (1.19)
    mongoid (3.0.3)
      activemodel (~> 3.1)
      moped (~> 1.1)
      origin (~> 1.0)
      tzinfo (~> 0.3.22)
    moped (1.2.0)
    multi_json (1.3.6)
    multipart-post (1.1.5)
    netrc (0.7.5)
    oj (1.3.4)
    origin (1.0.6)
    rack (1.4.1)
    rack-protection (1.2.0)
      rack
    rack-test (0.6.1)
      rack (>= 1.0)
    rake (0.9.2.2)
    rest-client (1.6.7)
      mime-types (>= 1.16)
    rspec (2.10.0)
      rspec-core (~> 2.10.0)
      rspec-expectations (~> 2.10.0)
      rspec-mocks (~> 2.10.0)
    rspec-core (2.10.1)
    rspec-expectations (2.10.0)
      diff-lcs (~> 1.1.3)
    rspec-mocks (2.10.1)
    rubyzip (0.9.9)
    settingslogic (2.0.8)
    simple_oauth (0.1.9)
    sinatra (1.3.2)
      rack (~> 1.3, >= 1.3.6)
      rack-protection (~> 1.2)
      tilt (~> 1.3, >= 1.3.3)
    tilt (1.3.3)
    twitter (3.5.0)
      faraday (~> 0.8)
      multi_json (~> 1.3)
      simple_oauth (~> 0.1.6)
    tzinfo (0.3.33)

PLATFORMS
  ruby

DEPENDENCIES
  haml (~> 3.1.6)
  heroku (~> 2.28.7)
  heroku_san (~> 3.0.2)
  mongoid (~> 3.0.0)
  oj (~> 1.3.4)
  rack-test (~> 0.6.1)
  rspec (~> 2.10.0)
  settingslogic (~> 2.0.8)
  sinatra (~> 1.3.2)
  twitter (~> 3.5.0)
